PATH
  remote: .
  specs:
    naobot-webhook (0.0.1)
      bubs
      nokogiri
      rinne
      sinatra
      twitter
      weather_jp

GEM
  remote: https://rubygems.org/
  specs:
    addressable (2.3.6)
    bubs (0.0.3)
    buftok (0.2.0)
    equalizer (0.0.9)
    faraday (0.9.0)
      multipart-post (>= 1.2, < 3)
    http (0.6.2)
      http_parser.rb (~> 0.6.0)
    http_parser.rb (0.6.0)
    json (1.8.1)
    memoizable (0.4.2)
      thread_safe (~> 0.3, >= 0.3.1)
    multipart-post (2.0.0)
    naught (1.0.0)
    nokogiri (1.5.11)
    rack (1.5.2)
    rack-protection (1.5.3)
      rack
    rake (10.3.2)
    rinne (0.0.3)
    simple_oauth (0.2.0)
    sinatra (1.4.5)
      rack (~> 1.4)
      rack-protection (~> 1.4)
      tilt (~> 1.3, >= 1.3.4)
    thread_safe (0.3.4)
    tilt (1.4.1)
    twitter (5.11.0)
      addressable (~> 2.3)
      buftok (~> 0.2.0)
      equalizer (~> 0.0.9)
      faraday (~> 0.9.0)
      http (~> 0.6.0)
      http_parser.rb (~> 0.6.0)
      json (~> 1.8)
      memoizable (~> 0.4.0)
      naught (~> 1.0)
      simple_oauth (~> 0.2.0)
    weather_jp (1.0.4)
      nokogiri (~> 1.5.5)
      rake (>= 0.9.2)

PLATFORMS
  ruby

DEPENDENCIES
  bundler (~> 1.6)
  naobot-webhook!
  rake (~> 10.0)
